GIT
  remote: git://github.com/sinatra/sinatra.git
  revision: 618963f15707ddae0d80bdc8923953802265422d
  specs:
    sinatra (1.2.1)
      rack (~> 1.2)
      tilt (< 2.0, >= 1.2.2)

GEM
  remote: http://rubygems.org/
  specs:
    crack (0.1.8)
    diff-lcs (1.1.2)
    haml (3.0.25)
    httparty (0.4.5)
      crack (>= 0.1.1)
    json (1.5.1)
    mechanize (1.0.0)
      nokogiri (>= 1.2.1)
    nokogiri (1.4.4)
    notifo (0.1.0)
      httparty (~> 0.4.5)
    rack (1.2.2)
    rack-test (0.5.7)
      rack (>= 1.0)
    rspec (2.4.0)
      rspec-core (~> 2.4.0)
      rspec-expectations (~> 2.4.0)
      rspec-mocks (~> 2.4.0)
    rspec-core (2.4.0)
    rspec-expectations (2.4.0)
      diff-lcs (~> 1.1.2)
    rspec-mocks (2.4.0)
    tilt (1.2.2)

PLATFORMS
  ruby

DEPENDENCIES
  haml
  json
  mechanize
  notifo
  rack-test
  rspec
  sinatra!
