GEM
  remote: http://rubygems.org/
  specs:
    activemodel (3.0.9)
      activesupport (= 3.0.9)
      builder (~> 2.1.2)
      i18n (~> 0.5.0)
    activesupport (3.0.9)
    bson (1.3.1)
    bson_ext (1.3.1)
    builder (2.1.2)
    crack (0.1.8)
    diff-lcs (1.1.2)
    haml (3.0.25)
    httparty (0.4.5)
      crack (>= 0.1.1)
    httpclient (2.2.1)
    i18n (0.5.0)
    json (1.5.1)
    mechanize (1.0.0)
      nokogiri (>= 1.2.1)
    mongo (1.3.1)
      bson (>= 1.3.1)
    mongoid (2.0.2)
      activemodel (~> 3.0)
      mongo (~> 1.3)
      tzinfo (~> 0.3.22)
    nokogiri (1.4.4)
    notifo (0.1.0)
      httparty (~> 0.4.5)
    rack (1.2.2)
    rack-test (0.5.7)
      rack (>= 1.0)
    rspec (2.4.0)
      rspec-core (~> 2.4.0)
      rspec-expectations (~> 2.4.0)
      rspec-mocks (~> 2.4.0)
    rspec-core (2.4.0)
    rspec-expectations (2.4.0)
      diff-lcs (~> 1.1.2)
    rspec-mocks (2.4.0)
    sinatra (1.2.6)
      rack (~> 1.1)
      tilt (>= 1.2.2, < 2.0)
    tilt (1.3.2)
    tzinfo (0.3.28)

PLATFORMS
  ruby

DEPENDENCIES
  bson_ext
  bundler
  haml
  httpclient
  json
  mechanize
  mongoid
  notifo
  rack-test
  rspec
  sinatra
